GEM
  remote: https://rubygems.org/
  specs:
    addressable (2.3.8)
    desk_api (0.6.1)
      addressable (>= 2.3, < 2.4)
      faraday (>= 0.8, < 1.0)
      simple_oauth (>= 0.1, < 0.3)
    faraday (0.9.2)
      multipart-post (>= 1.2, < 3)
    multipart-post (2.0.0)
    rack (1.6.4)
    rack-protection (1.5.3)
      rack
    simple_oauth (0.2.0)
    sinatra (1.4.7)
      rack (~> 1.5)
      rack-protection (~> 1.4)
      tilt (>= 1.3, < 3)
    tilt (2.0.5)

PLATFORMS
  ruby

DEPENDENCIES
  desk_api (~> 0.6)
  sinatra (~> 1.4)

RUBY VERSION
   ruby 2.3.0p0

BUNDLED WITH
   1.13.0
